GEM
  remote: http://rubygems.org/
  specs:
    activemodel (3.2.0)
      activesupport (= 3.2.0)
      builder (~> 3.0.0)
    activerecord (3.2.0)
      activemodel (= 3.2.0)
      activesupport (= 3.2.0)
      arel (~> 3.0.0)
      tzinfo (~> 0.3.29)
    activesupport (3.2.0)
      i18n (~> 0.6)
      multi_json (~> 1.0)
    arel (3.0.0)
    backports (2.6.1)
    builder (3.0.0)
    coderay (1.0.5)
    eventmachine (0.12.10)
    haml (3.1.4)
    i18n (0.6.0)
    multi_json (1.0.4)
    rack (1.4.1)
    rack-protection (1.2.0)
      rack
    rack-test (0.6.1)
      rack (>= 1.0)
    rack_csrf (2.3.0)
      rack (>= 0.9)
    rake (0.9.2.2)
    redcarpet (2.1.0)
    sass (3.1.19)
    shotgun (0.9)
      rack (>= 1.0)
    sinatra (1.3.2)
      rack (~> 1.3, >= 1.3.6)
      rack-protection (~> 1.2)
      tilt (~> 1.3, >= 1.3.3)
    sinatra-activerecord (1.1.0)
      activerecord (~> 3.0)
      sinatra (~> 1.0)
    sinatra-contrib (1.3.1)
      backports (>= 2.0)
      eventmachine
      rack-protection
      rack-test
      sinatra (~> 1.3.0)
      tilt (~> 1.3)
    sqlite3 (1.3.5)
    tilt (1.3.3)
    tzinfo (0.3.31)

PLATFORMS
  ruby

DEPENDENCIES
  activerecord
  activesupport
  bundler
  coderay
  haml
  rack
  rack_csrf
  rake
  redcarpet
  sass
  shotgun
  sinatra
  sinatra-activerecord
  sinatra-contrib
  sqlite3
